GEM
  remote: http://rubygems.org/
  specs:
    backports (2.8.2)
    bson (1.8.2)
    bson_ext (1.8.2)
      bson (~> 1.8.2)
    mongo (1.8.2)
      bson (~> 1.8.2)
    mongodb (2.1.0)
      mongo (~> 1.5)
    monkey-lib (0.5.4)
      backports
    mustache (0.99.4)
    rack (1.2.2)
    shotgun (0.9)
      rack (>= 1.0)
    sinatra (1.2.6)
      rack (~> 1.1)
      tilt (>= 1.2.2, < 2.0)
    sinatra-advanced-routes (0.5.2)
      monkey-lib (~> 0.5.0)
      sinatra (~> 1.0)
      sinatra-sugar (~> 0.5.0)
    sinatra-reloader (0.5.0)
      sinatra (~> 1.0)
      sinatra-advanced-routes (~> 0.5.0)
    sinatra-sugar (0.5.1)
      monkey-lib (~> 0.5.0)
      sinatra (~> 1.0)
    tilt (1.3)

PLATFORMS
  ruby

DEPENDENCIES
  bson_ext
  mongo
  mongodb
  mustache
  shotgun
  sinatra
  sinatra-reloader
